PATH
  remote: .
  specs:
    carthage_support (0.1.0)
      thor

GEM
  remote: https://rubygems.org/
  specs:
    rake (10.5.0)
    thor (0.20.3)

PLATFORMS
  ruby

DEPENDENCIES
  bundler (~> 1.16)
  carthage_support!
  rake (~> 10.0)

BUNDLED WITH
   1.16.2
