PATH
  remote: .
  specs:
    carthage_support (0.1.0)
      hashie
      thor
      xcodeproj

GEM
  remote: https://rubygems.org/
  specs:
    CFPropertyList (3.0.0)
    atomos (0.1.3)
    claide (1.0.2)
    colored2 (3.1.2)
    hashie (3.6.0)
    nanaimo (0.2.6)
    rake (10.5.0)
    thor (0.20.3)
    xcodeproj (1.7.0)
      CFPropertyList (>= 2.3.3, < 4.0)
      atomos (~> 0.1.3)
      claide (>= 1.0.2, < 2.0)
      colored2 (~> 3.1)
      nanaimo (~> 0.2.6)

PLATFORMS
  ruby

DEPENDENCIES
  bundler (~> 1.16)
  carthage_support!
  rake (~> 10.0)

BUNDLED WITH
   1.16.2
